GEM
  remote: https://rubygems.org/
  specs:
    chrome_remote (0.3.0)
      websocket-driver (~> 0.6)
    date (3.2.2)
    open-uri (0.2.0)
      stringio
      time
      uri
    stringio (3.0.1)
    time (0.2.0)
      date
    uri (0.11.0)
    websocket-driver (0.7.6)
      websocket-extensions (>= 0.1.0)
    websocket-extensions (0.1.5)

PLATFORMS
  x86_64-linux

DEPENDENCIES
  chrome_remote
  open-uri

BUNDLED WITH
   2.4.19
